GEM
  remote: https://rubygems.org/
  specs:
    activemodel (4.0.1)
      activesupport (= 4.0.1)
      builder (~> 3.1.0)
    activesupport (4.0.1)
      i18n (~> 0.6, >= 0.6.4)
      minitest (~> 4.2)
      multi_json (~> 1.3)
      thread_safe (~> 0.1)
      tzinfo (~> 0.3.37)
    addressable (2.3.5)
    atomic (1.1.14)
    builder (3.1.4)
    chronic (0.10.2)
    dotenv (1.0.2)
    foreman (0.77.0)
      dotenv (~> 1.0.2)
      thor (~> 0.19.1)
    hipchat (0.13.0)
      httparty (~> 0.11.0)
    httparty (0.11.0)
      multi_json (~> 1.0)
      multi_xml (>= 0.5.2)
    i18n (0.6.5)
    json (1.8.1)
    mime-types (2.0)
    mina (0.3.2)
      open4 (~> 1.3.4)
      rake
    minitest (4.7.5)
    multi_json (1.8.2)
    multi_xml (0.5.5)
    oauth (0.4.7)
    open4 (1.3.4)
    rake (10.4.2)
    rest-client (1.6.7)
      mime-types (>= 1.16)
    ruby-trello (1.0.4)
      activemodel
      addressable (~> 2.3)
      json
      oauth (~> 0.4.5)
      rest-client (~> 1.6.7)
    thor (0.19.1)
    thread_safe (0.1.3)
      atomic
    tzinfo (0.3.38)
    whenever (0.9.4)
      chronic (>= 0.6.3)

PLATFORMS
  ruby

DEPENDENCIES
  dotenv
  foreman
  hipchat
  mina
  ruby-trello
  whenever
